PATH
  remote: ../golden-gardens
  specs:
    golden_gardens (0.0.0)
      faraday (~> 0.9.2)
      json-schema (~> 2.6)
      rack (~> 1.6)

GEM
  remote: https://rubygems.org/
  specs:
    addressable (2.3.8)
    faraday (0.9.2)
      multipart-post (>= 1.2, < 3)
    json-schema (2.6.1)
      addressable (~> 2.3.8)
    multipart-post (2.0.0)
    rack (1.6.4)

PLATFORMS
  ruby

DEPENDENCIES
  golden_gardens!

BUNDLED WITH
   1.11.2
