PATH
  remote: ../golden-gardens
  specs:
    golden_gardens (1.0.0)
      json-schema (~> 2.8)
      rack (~> 1.6)

GEM
  remote: https://rubygems.org/
  specs:
    addressable (2.5.2)
      public_suffix (>= 2.0.2, < 4.0)
    json-schema (2.8.0)
      addressable (>= 2.4)
    public_suffix (3.0.0)
    rack (1.6.8)

PLATFORMS
  ruby

DEPENDENCIES
  golden_gardens!

BUNDLED WITH
   1.15.4
